GIT
  remote: git://github.com/cover/tolk.git
  revision: 9a473c141134c84fff33bed1e2a2f4036b009ec4
  specs:
    tolk (1.0)
      will_paginate (~> 3.0.pre2)
      ya2yaml (~> 0.26)

GIT
  remote: git://github.com/morgoth/shoulda-matchers.git
  revision: 9347fe8009865520009c98789bac3d940cf9b68e
  branch: mass-assigment-fix-for-empty-attr-accessible
  specs:
    shoulda-matchers (1.0.0.beta3)

GEM
  remote: http://rubygems.org/
  specs:
    Saikuro (1.1.0)
    SystemTimer (1.2.3)
    abstract (1.0.0)
    actionmailer (3.0.9.rc5)
      actionpack (= 3.0.9.rc5)
      mail (~> 2.2.19)
    actionpack (3.0.9.rc5)
      activemodel (= 3.0.9.rc5)
      activesupport (= 3.0.9.rc5)
      builder (~> 2.1.2)
      erubis (~> 2.6.6)
      i18n (~> 0.5.0)
      rack (~> 1.2.1)
      rack-mount (~> 0.6.14)
      rack-test (~> 0.5.7)
      tzinfo (~> 0.3.23)
    activemodel (3.0.9.rc5)
      activesupport (= 3.0.9.rc5)
      builder (~> 2.1.2)
      i18n (~> 0.5.0)
    activerecord (3.0.9.rc5)
      activemodel (= 3.0.9.rc5)
      activesupport (= 3.0.9.rc5)
      arel (~> 2.0.10)
      tzinfo (~> 0.3.23)
    activeresource (3.0.9.rc5)
      activemodel (= 3.0.9.rc5)
      activesupport (= 3.0.9.rc5)
    activesupport (3.0.9.rc5)
    arel (2.0.10)
    arrayfields (4.7.4)
    babosa (0.3.5)
    bson_ext (1.3.1)
    builder (2.1.2)
    capybara (1.0.0)
      mime-types (>= 1.16)
      nokogiri (>= 1.3.3)
      rack (>= 1.0.0)
      rack-test (>= 0.5.4)
      selenium-webdriver (~> 0.2.0)
      xpath (~> 0.1.4)
    childprocess (0.1.9)
      ffi (~> 1.0.6)
    chronic (0.3.0)
    chunky_png (1.2.0)
    churn (0.0.13)
      chronic (>= 0.2.3)
      hirb
      json_pure
      main
      ruby_parser (~> 2.0.4)
      sexp_processor (~> 3.0.3)
    colored (1.2)
    columnize (0.3.3)
    compass (0.11.3)
      chunky_png (~> 1.2)
      fssm (>= 0.2.7)
      sass (~> 3.1)
    daemons (1.1.3)
    database_cleaner (0.6.7)
    diff-lcs (1.1.2)
    erubis (2.6.6)
      abstract (>= 1.0.0)
    eventmachine (0.12.10)
    factory_girl (1.3.3)
    factory_girl_rails (1.0.1)
      factory_girl (~> 1.3)
      railties (>= 3.0.0)
    faker (0.9.5)
      i18n (~> 0.4)
    fattr (2.2.0)
    ffi (1.0.9)
    flay (1.4.2)
      ruby_parser (~> 2.0)
      sexp_processor (~> 3.0)
    flog (2.5.1)
      ruby_parser (~> 2.0)
      sexp_processor (~> 3.0)
    formtastic (1.2.4)
      actionpack (>= 2.3.7)
      activesupport (>= 2.3.7)
      i18n (~> 0.4)
    friendly_id (3.2.1.1)
      babosa (~> 0.3.0)
    fssm (0.2.7)
    haml (3.1.2)
    hirb (0.4.5)
    hiredis (0.3.2)
    i18n (0.5.0)
    json_pure (1.5.2)
    linecache (0.45)
    mail (2.2.19)
      activesupport (>= 2.3.6)
      i18n (>= 0.4.0)
      mime-types (~> 1.16)
      treetop (~> 1.4.8)
    main (4.4.0)
      arrayfields (>= 4.7.4)
      fattr (>= 2.1.0)
    metric_fu (2.1.1)
      Saikuro (>= 1.1.0)
      activesupport (>= 2.0.0)
      chronic (~> 0.3.0)
      churn (>= 0.0.7)
      flay (>= 1.2.1)
      flog (>= 2.3.0)
      rails_best_practices (>= 0.6.4)
      rcov (>= 0.8.3.3)
      reek (>= 1.2.6)
      roodi (>= 2.1.0)
      syntax
    mime-types (1.16)
    nifty-generators (0.4.6)
    nokogiri (1.4.4)
    polyglot (0.3.1)
    rack (1.2.3)
    rack-mount (0.6.14)
      rack (>= 1.0.0)
    rack-sprockets (1.1.0)
      rack (~> 1.0)
      sprockets (~> 1.0)
    rack-test (0.5.7)
      rack (>= 1.0)
    rails (3.0.9.rc5)
      actionmailer (= 3.0.9.rc5)
      actionpack (= 3.0.9.rc5)
      activerecord (= 3.0.9.rc5)
      activeresource (= 3.0.9.rc5)
      activesupport (= 3.0.9.rc5)
      bundler (~> 1.0)
      railties (= 3.0.9.rc5)
    rails_best_practices (0.9.0)
      activesupport
      colored
      erubis
      haml
      i18n
      ruby-progressbar
      ruby_parser
    railties (3.0.9.rc5)
      actionpack (= 3.0.9.rc5)
      activesupport (= 3.0.9.rc5)
      rake (>= 0.8.7)
      rdoc (~> 3.4)
      thor (~> 0.14.4)
    rake (0.9.2)
    rcov (0.9.9)
    rdiscount (1.6.8)
    rdoc (3.6.1)
    redis (2.2.1)
    reek (1.2.8)
      ruby2ruby (~> 1.2)
      ruby_parser (~> 2.0)
      sexp_processor (~> 3.0)
    require_relative (1.0.1)
    roodi (2.1.0)
      ruby_parser
    routing-filter (0.2.3)
      actionpack
    rspec (2.6.0)
      rspec-core (~> 2.6.0)
      rspec-expectations (~> 2.6.0)
      rspec-mocks (~> 2.6.0)
    rspec-core (2.6.4)
    rspec-expectations (2.6.0)
      diff-lcs (~> 1.1.2)
    rspec-mocks (2.6.0)
    rspec-rails (2.6.1)
      actionpack (~> 3.0)
      activesupport (~> 3.0)
      railties (~> 3.0)
      rspec (~> 2.6.0)
    ruby-debug (0.10.4)
      columnize (>= 0.1)
      ruby-debug-base (~> 0.10.4.0)
    ruby-debug-base (0.10.4)
      linecache (>= 0.3)
    ruby-graphviz (1.0.0)
    ruby-progressbar (0.0.10)
    ruby2ruby (1.2.5)
      ruby_parser (~> 2.0)
      sexp_processor (~> 3.0)
    ruby_parser (2.0.6)
      sexp_processor (~> 3.0)
    rubyzip (0.9.4)
    sass (3.1.2)
    selenium-webdriver (0.2.1)
      childprocess (>= 0.1.7)
      ffi (>= 1.0.7)
      json_pure
      rubyzip
    sexp_processor (3.0.5)
    sprockets (1.0.2)
    sqlite3 (1.3.3)
    state_machine (1.0.1)
    syntax (1.0.0)
    thin (1.2.11)
      daemons (>= 1.0.9)
      eventmachine (>= 0.12.6)
      rack (>= 1.0.0)
    thor (0.14.6)
    treetop (1.4.9)
      polyglot (>= 0.3.1)
    tzinfo (0.3.28)
    will_paginate (3.0.pre2)
    xpath (0.1.4)
      nokogiri (~> 1.3)
    ya2yaml (0.30)

PLATFORMS
  ruby

DEPENDENCIES
  SystemTimer
  bson_ext
  capybara (~> 1.0.0)
  compass
  database_cleaner
  factory_girl_rails
  faker
  formtastic
  friendly_id
  haml
  hiredis
  metric_fu
  nifty-generators
  rack-sprockets
  rails (~> 3.0.9.rc5)
  rdiscount
  redis
  require_relative
  routing-filter
  rspec-rails
  ruby-debug
  ruby-graphviz
  sass
  selenium-webdriver
  shoulda-matchers!
  sqlite3
  state_machine
  thin
  tolk!
  will_paginate (~> 3.0.pre2)
